PATH
  remote: .
  specs:
    ku-media (0.0.1)
      addressable
      ku-ldap
      nokogiri
      sequel
      sequel_pg

GEM
  remote: http://rubygems.org/
  specs:
    addressable (2.3.2)
    ku-ldap (0.0.1)
      net-ldap
    net-ldap (0.4.0)
    nokogiri (1.5.5)
    pg (0.14.1)
    sequel (3.39.0)
    sequel_pg (1.6.0)
      pg (>= 0.8.0)
      sequel (>= 3.39.0)

PLATFORMS
  ruby

DEPENDENCIES
  ku-media!
